PATH
  remote: .
  specs:
    fat_model_auth (3.0.0)
      actionpack (>= 3.0.0)
      activesupport (>= 3.0.0)

GEM
  remote: http://www.rubygems.org/
  specs:
    actionpack (4.0.11)
      activesupport (= 4.0.11)
      builder (~> 3.1.0)
      erubis (~> 2.7.0)
      rack (~> 1.5.2)
      rack-test (~> 0.6.2)
    activesupport (4.0.11)
      i18n (~> 0.6, >= 0.6.9)
      minitest (~> 4.2)
      multi_json (~> 1.3)
      thread_safe (~> 0.1)
      tzinfo (~> 0.3.37)
    builder (3.1.4)
    erubis (2.7.0)
    i18n (0.6.11)
    metaclass (0.0.4)
    minitest (4.7.5)
    mocha (1.1.0)
      metaclass (~> 0.0.1)
    multi_json (1.10.1)
    rack (1.5.2)
    rack-test (0.6.2)
      rack (>= 1.0)
    rake (10.3.2)
    thread_safe (0.3.4)
    tzinfo (0.3.42)

PLATFORMS
  ruby
  x86-mingw32

DEPENDENCIES
  fat_model_auth!
  minitest (~> 4.2)
  mocha
  rake
